PATH
  remote: ../key_value_name
  specs:
    key_value_name (0.0.1)

PATH
  remote: .
  specs:
    twenty48 (0.0.1)
      finite_mdp (~> 0.4.0)
      parallel (~> 1.10.0)

GEM
  remote: https://rubygems.org/
  specs:
    ast (2.3.0)
    finite_mdp (0.4.0)
      narray (~> 0.6)
    gemma (5.0.1)
      highline (>= 1.6.21)
      minitest (>= 5.3.1)
      rake (>= 10.2.2)
      rdoc (>= 4.1.1)
      rubocop (>= 0.42.0)
      yard (>= 0.8.7)
    highline (1.7.10)
    minitest (5.11.1)
    narray (0.6.1.2)
    parallel (1.10.0)
    parser (2.4.0.2)
      ast (~> 2.3)
    powerpack (0.1.1)
    rainbow (2.2.2)
      rake
    rake (12.3.0)
    rake-compiler (1.0.4)
      rake
    rdoc (6.0.1)
    rubocop (0.51.0)
      parallel (~> 1.10)
      parser (>= 2.3.3.1, < 3.0)
      powerpack (~> 0.1)
      rainbow (>= 2.2.2, < 3.0)
      ruby-progressbar (~> 1.7)
      unicode-display_width (~> 1.0, >= 1.0.1)
    ruby-prof (0.15.9)
    ruby-progressbar (1.9.0)
    unicode-display_width (1.3.0)
    yard (0.9.20)

PLATFORMS
  ruby

DEPENDENCIES
  gemma (~> 5.0.0)
  key_value_name!
  rake-compiler (~> 1.0.1)
  rubocop (~> 0.51.0)
  ruby-prof (~> 0.15.9)
  twenty48!

RUBY VERSION
   ruby 2.6.3p62

BUNDLED WITH
   1.17.2
